GEM
  remote: https://rubygems.org/
  specs:
    addressable (2.5.2)
      public_suffix (>= 2.0.2, < 4.0)
    ast (2.4.0)
    commonmarker (0.17.9)
      ruby-enum (~> 0.5)
    concurrent-ruby (1.0.5)
    daemons (1.2.6)
    em-websocket (0.3.8)
      addressable (>= 2.1.1)
      eventmachine (>= 0.12.9)
    eventmachine (1.2.5)
    fidget (0.0.5)
      ruby-dbus
    gli (2.17.1)
    htmlentities (4.3.4)
    i18n (1.0.1)
      concurrent-ruby (~> 1.0)
    iso-639 (0.2.8)
    json (2.1.0)
    mini_portile2 (2.3.0)
    nokogiri (1.8.2)
      mini_portile2 (~> 2.3.0)
    parallel (1.12.1)
    parser (2.5.1.0)
      ast (~> 2.4.0)
    parslet (1.8.2)
    powerpack (0.1.1)
    public_suffix (3.0.2)
    rack (1.6.10)
    rack-contrib (1.8.0)
      rack (~> 1.4)
    rack-protection (1.5.5)
      rack
    rainbow (3.0.0)
    redcarpet (3.4.0)
    rubocop (0.55.0)
      parallel (~> 1.10)
      parser (>= 2.5)
      powerpack (~> 0.1)
      rainbow (>= 2.2.2, < 4.0)
      ruby-progressbar (~> 1.7)
      unicode-display_width (~> 1.0, >= 1.0.1)
    ruby-dbus (0.14.1)
    ruby-enum (0.7.2)
      i18n
    ruby-progressbar (1.9.0)
    showoff (0.19.6)
      commonmarker
      fidget (>= 0.0.3)
      gli (>= 2.0)
      htmlentities
      i18n
      iso-639
      json
      nokogiri
      parslet
      rack-contrib
      redcarpet
      sinatra (~> 1.3)
      sinatra-websocket
      thin (~> 1.3)
      tilt (>= 2.0.3)
    sinatra (1.4.8)
      rack (~> 1.5)
      rack-protection (~> 1.4)
      tilt (>= 1.3, < 3)
    sinatra-websocket (0.3.1)
      em-websocket (~> 0.3.6)
      eventmachine
      thin (>= 1.3.1, < 2.0.0)
    thin (1.7.2)
      daemons (~> 1.0, >= 1.0.9)
      eventmachine (~> 1.0, >= 1.0.4)
      rack (>= 1, < 3)
    tilt (2.0.8)
    unicode-display_width (1.3.2)

PLATFORMS
  ruby

DEPENDENCIES
  rubocop
  showoff

BUNDLED WITH
   1.16.1
